GEM
  remote: http://rubygems.org/
  specs:
    capybara (0.4.0)
      celerity (>= 0.7.9)
      culerity (>= 0.2.4)
      mime-types (>= 1.16)
      nokogiri (>= 1.3.3)
      rack (>= 1.0.0)
      rack-test (>= 0.5.4)
      selenium-webdriver (>= 0.0.27)
      xpath (~> 0.1.2)
    celerity (0.8.6)
    childprocess (0.1.6)
      ffi (~> 0.6.3)
    configuration (1.2.0)
    culerity (0.2.13)
    diff-lcs (1.1.2)
    evergreen (0.4.0)
      capybara (~> 0.4.0)
      json_pure (>= 1.0.0)
      launchy (>= 0.3.5)
      sinatra (>= 1.1)
    ffi (0.6.3)
      rake (>= 0.8.7)
    jasmine (1.0.1.1)
      json_pure (>= 1.4.3)
      rack (>= 1.0.0)
      rake (>= 0.8.7)
      rspec (>= 1.1.5)
      selenium-client (>= 1.2.17)
      selenium-rc (>= 2.1.0)
    json_pure (1.4.6)
    launchy (0.3.7)
      configuration (>= 0.0.5)
      rake (>= 0.8.1)
    mime-types (1.16)
    nokogiri (1.4.4)
    rack (1.2.1)
    rack-test (0.5.7)
      rack (>= 1.0)
    rake (0.8.7)
    rspec (2.4.0)
      rspec-core (~> 2.4.0)
      rspec-expectations (~> 2.4.0)
      rspec-mocks (~> 2.4.0)
    rspec-core (2.4.0)
    rspec-expectations (2.4.0)
      diff-lcs (~> 1.1.2)
    rspec-mocks (2.4.0)
    rubyzip (0.9.4)
    selenium-client (1.2.18)
    selenium-rc (2.2.4)
      selenium-client (>= 1.2.18)
    selenium-webdriver (0.1.2)
      childprocess (~> 0.1.5)
      ffi (~> 0.6.3)
      json_pure
      rubyzip
    sinatra (1.1.2)
      rack (~> 1.1)
      tilt (~> 1.2)
    tilt (1.2.1)
    xpath (0.1.2)
      nokogiri (~> 1.3)

PLATFORMS
  ruby

DEPENDENCIES
  evergreen
  jasmine
